GIT
  remote: git://github.com/opscode/omnibus-software.git
  revision: 12bad1aebf5f475ce0b9b5634fa701a9bc91620f
  branch: master
  specs:
    omnibus-software (0.0.1)

GEM
  remote: https://rubygems.org/
  specs:
    activesupport (3.2.13)
      i18n (= 0.6.1)
      multi_json (~> 1.0)
    addressable (2.3.5)
    akami (1.2.0)
      gyoku (>= 0.4.0)
      nokogiri (>= 1.4.0)
    arr-pm (0.0.8)
      cabin (> 0)
    backports (3.3.5)
    berkshelf (2.0.10)
      activesupport (~> 3.2.0)
      addressable (~> 2.3.4)
      buff-shell_out (~> 0.1)
      chozo (>= 0.6.1)
      faraday (>= 0.8.5)
      hashie (>= 2.0.2)
      minitar (~> 0.5.4)
      rbzip2 (~> 0.2.0)
      retryable (~> 1.3.3)
      ridley (~> 1.5.0)
      solve (>= 0.5.0)
      thor (~> 0.18.0)
    buff-config (0.4.0)
      buff-extensions (~> 0.3)
      varia_model (~> 0.1)
    buff-extensions (0.4.0)
    buff-ignore (1.1.0)
    buff-ruby_engine (0.1.0)
    buff-shell_out (0.1.0)
      buff-ruby_engine (~> 0.1.0)
    builder (3.2.2)
    cabin (0.6.1)
    celluloid (0.14.1)
      timers (>= 1.0.0)
    celluloid-io (0.14.1)
      celluloid (>= 0.14.1)
      nio4r (>= 0.4.5)
    childprocess (0.3.9)
      ffi (~> 1.0, >= 1.0.11)
    chozo (0.6.1)
      activesupport (>= 3.2.0)
      hashie (>= 2.0.2)
      multi_json (>= 1.3.0)
    clamp (0.6.2)
    coderay (1.0.9)
    erubis (2.7.0)
    excon (0.23.0)
    faraday (0.8.7)
      multipart-post (~> 1.1)
    ffi (1.9.3)
    fog (1.12.1)
      builder
      excon (~> 0.23.0)
      formatador (~> 0.2.0)
      mime-types
      multi_json (~> 1.0)
      net-scp (~> 1.1)
      net-ssh (>= 2.1.3)
      nokogiri (~> 1.5.0)
      ruby-hmac
    formatador (0.2.4)
    fpm (0.4.42)
      arr-pm (~> 0.0.8)
      backports (>= 2.6.2)
      cabin (>= 0.6.0)
      childprocess
      clamp (~> 0.6)
      ftw (~> 0.0.30)
      json (>= 1.7.7)
    ftw (0.0.36)
      addressable
      backports (>= 2.6.2)
      cabin (> 0)
      http_parser.rb (= 0.5.3)
    gssapi (1.0.3)
      ffi (>= 1.0.1)
    gyoku (1.0.0)
      builder (>= 2.1.2)
    hashie (2.0.5)
    http_parser.rb (0.5.3)
    httpclient (2.2.0.2)
    httpi (0.9.7)
      rack
    i18n (0.6.1)
    ipaddress (0.8.0)
    json (1.8.1)
    kitchen-rackspace (0.2.0)
      fog (~> 1.11)
      test-kitchen (~> 1.0.0.alpha)
    kitchen-vagrant (0.10.0)
      test-kitchen (~> 1.0.0.alpha.6)
    little-plugger (1.1.3)
    logging (1.6.2)
      little-plugger (>= 1.1.3)
    method_source (0.8.1)
    mime-types (1.25)
    minitar (0.5.4)
    mixlib-authentication (1.3.0)
      mixlib-log
    mixlib-cli (1.3.0)
    mixlib-config (1.1.2)
    mixlib-log (1.6.0)
    mixlib-shellout (1.2.0)
    multi_json (1.7.7)
    multipart-post (1.2.0)
    net-http-persistent (2.8)
    net-scp (1.1.1)
      net-ssh (>= 2.6.5)
    net-ssh (2.7.0)
    nio4r (0.5.0)
    nokogiri (1.5.10)
    nori (1.1.5)
    ohai (6.20.0)
      ipaddress
      mixlib-cli
      mixlib-config
      mixlib-log
      mixlib-shellout
      systemu (~> 2.5.2)
      yajl-ruby
    omnibus (1.2.0)
      fpm (~> 0.4.33)
      mixlib-config (~> 1.1.2)
      mixlib-shellout (~> 1.0)
      ohai (>= 0.6.12)
      rake (>= 0.9)
      thor (>= 0.16.0)
      uber-s3
    pry (0.9.12.2)
      coderay (~> 1.0.5)
      method_source (~> 0.8)
      slop (~> 3.4)
    rack (1.5.2)
    rake (10.1.0)
    rbzip2 (0.2.0)
    retryable (1.3.3)
    ridley (1.5.3)
      addressable
      buff-config (~> 0.2)
      buff-extensions (~> 0.3)
      buff-ignore (~> 1.1)
      buff-shell_out (~> 0.1)
      celluloid (~> 0.14.0)
      celluloid-io (~> 0.14.0)
      erubis
      faraday (>= 0.8.4)
      hashie (>= 2.0.2)
      json (>= 1.7.7)
      mixlib-authentication (>= 1.3.0)
      net-http-persistent (>= 2.8)
      net-ssh
      nio4r (>= 0.5.0)
      retryable
      solve (>= 0.4.4)
      varia_model (~> 0.1)
      winrm (~> 1.1.0)
    ruby-hmac (0.4.0)
    rubyntlm (0.1.1)
    safe_yaml (0.9.1)
    savon (0.9.5)
      akami (~> 1.0)
      builder (>= 2.1.2)
      gyoku (>= 0.4.0)
      httpi (~> 0.9)
      nokogiri (>= 1.4.0)
      nori (~> 1.0)
      wasabi (~> 1.0)
    slop (3.4.5)
    solve (0.5.0)
    systemu (2.5.2)
    test-kitchen (1.0.0.alpha.7)
      celluloid
      mixlib-shellout
      net-scp
      net-ssh
      pry
      safe_yaml
      thor
    thor (0.18.1)
    timers (1.1.0)
    uber-s3 (0.2.4)
      mime-types (~> 1.17)
    uuidtools (2.1.4)
    varia_model (0.1.0)
      buff-extensions (~> 0.1)
      hashie (>= 2.0.2)
    wasabi (1.0.0)
      nokogiri (>= 1.4.0)
    winrm (1.1.2)
      gssapi (~> 1.0.0)
      httpclient (~> 2.2.0.2)
      logging (~> 1.6.1)
      nokogiri (~> 1.5.0)
      rubyntlm (~> 0.1.1)
      savon (= 0.9.5)
      uuidtools (~> 2.1.2)
    yajl-ruby (1.1.0)

PLATFORMS
  ruby

DEPENDENCIES
  berkshelf
  kitchen-rackspace
  kitchen-vagrant
  omnibus (~> 1.2.0)
  omnibus-software!
  test-kitchen
